GEM
  remote: https://rubygems.org/
  specs:
    actionpack (3.2.6)
      activemodel (= 3.2.6)
      activesupport (= 3.2.6)
      builder (~> 3.0.0)
      erubis (~> 2.7.0)
      journey (~> 1.0.1)
      rack (~> 1.4.0)
      rack-cache (~> 1.2)
      rack-test (~> 0.6.1)
      sprockets (~> 2.1.3)
    activemodel (3.2.6)
      activesupport (= 3.2.6)
      builder (~> 3.0.0)
    activesupport (3.2.6)
      i18n (~> 0.6)
      multi_json (~> 1.0)
    backports (3.3.5)
    builder (3.0.0)
    childprocess (0.3.2)
      ffi (~> 1.0.6)
    chunky_png (1.2.7)
    coffee-rails (3.2.2)
      coffee-script (>= 2.2.0)
      railties (~> 3.2.0)
    coffee-script (2.2.0)
      coffee-script-source
      execjs
    coffee-script-source (1.3.3)
    compass (0.12.2)
      chunky_png (~> 1.2)
      fssm (>= 0.2.7)
      sass (~> 3.1)
    daemons (1.1.9)
    erubis (2.7.0)
    eventmachine (1.0.3)
    execjs (1.4.0)
      multi_json (~> 1.0)
    ffi (1.0.11)
    forgery (0.5.0)
    fssm (0.2.10)
    guard (1.2.1)
      listen (>= 0.4.2)
      thor (>= 0.14.6)
    guard-jasmine (1.5.0)
      childprocess
      guard (>= 1.1.0)
      multi_json
      thor
    guard-pow (1.0.0)
      guard (>= 1.1)
    haml (4.0.3)
      tilt
    hashie (1.2.0)
    hike (1.2.1)
    i18n (0.6.0)
    jasminerice (0.0.9)
      coffee-rails
      haml
    journey (1.0.4)
    json (1.8.1)
    listen (0.4.6)
      rb-fchange (~> 0.0.5)
      rb-fsevent (~> 0.9.1)
      rb-inotify (~> 0.8.8)
    multi_json (1.3.6)
    rack (1.4.5)
    rack-cache (1.2)
      rack (>= 0.4)
    rack-coffee (1.0.0)
      coffee-script
      rack
    rack-protection (1.5.1)
      rack
    rack-ssl (1.3.2)
      rack
    rack-test (0.6.1)
      rack (>= 1.0)
    railties (3.2.6)
      actionpack (= 3.2.6)
      activesupport (= 3.2.6)
      rack-ssl (~> 1.3.2)
      rake (>= 0.8.7)
      rdoc (~> 3.4)
      thor (>= 0.14.6, < 2.0)
    rake (0.9.2.2)
    rb-fchange (0.0.5)
      ffi
    rb-fsevent (0.9.1)
    rb-inotify (0.8.8)
      ffi (>= 0.5.0)
    rdiscount (2.1.7)
    rdoc (3.12)
      json (~> 1.4)
    sass (3.2.9)
    serve (1.5.1)
      activesupport (~> 3.0)
      i18n
      rack (~> 1.2)
      rack-test (~> 0.5)
      tilt (~> 1.3)
      tzinfo
    sinatra (1.4.4)
      rack (~> 1.4)
      rack-protection (~> 1.4)
      tilt (~> 1.3, >= 1.3.4)
    sinatra-contrib (1.4.2)
      backports (>= 2.0)
      multi_json
      rack-protection
      rack-test
      sinatra (~> 1.4.0)
      tilt (~> 1.3)
    sprockets (2.1.3)
      hike (~> 1.2)
      rack (~> 1.0)
      tilt (~> 1.1, != 1.3.0)
    thin (1.6.1)
      daemons (>= 1.0.9)
      eventmachine (>= 1.0.0)
      rack (>= 1.0.0)
    thor (0.15.3)
    tilt (1.4.1)
    tzinfo (0.3.33)

PLATFORMS
  ruby

DEPENDENCIES
  actionpack (~> 3.2)
  coffee-script
  compass
  forgery
  guard-jasmine
  guard-pow
  hashie
  jasminerice
  rack-coffee
  rdiscount
  sass
  serve (~> 1.5.1)
  sinatra
  sinatra-contrib
  thin
  tzinfo
